GIT
  remote: https://github.com/dryrb/dry-component
  revision: f9176def1c47111f6061da2e0e7efd75642ac86f
  branch: master
  specs:
    dry-component (0.0.2)
      dry-auto_inject (~> 0.1)
      dry-configurable (~> 0.1)
      dry-container (~> 0.2, >= 0.2.7)
      inflecto (>= 0.0.2)

GIT
  remote: https://github.com/icelab/call_sheet
  revision: 1e4e8af9b2a9d8d112423c51824c7808f007ee2f
  branch: master
  specs:
    call_sheet (0.2.0)
      deterministic (>= 0.15.3)
      wisper (>= 1.6.0)

GIT
  remote: https://github.com/rom-rb/rom
  revision: 8b01dd1489941165daf9053ec3eb279031a497c6
  branch: master
  specs:
    rom (1.0.0.rc1)
      dry-equalizer (~> 0.2)
      rom-mapper (~> 0.3.0.rc1)
      rom-support (~> 1.0.0.rc1)

GIT
  remote: https://github.com/rom-rb/rom-mapper
  revision: d61d53300885f2febacba1951913a32a146f130a
  branch: master
  specs:
    rom-mapper (0.3.0.rc1)
      dry-equalizer (~> 0.2)
      rom-support (~> 1.0.0.rc1)

GIT
  remote: https://github.com/rom-rb/rom-repository
  revision: 44f2ab33f15511f0794b2e40a73fc58608afe850
  branch: master
  specs:
    rom-repository (0.2.0.rc1)
      anima (~> 0.2, >= 0.2)
      rom (~> 1.0.0.rc1)
      rom-mapper (~> 0.3.0.rc1)
      rom-support (~> 1.0.0.rc1)

GIT
  remote: https://github.com/rom-rb/rom-sql
  revision: 47d1faa56e0a308c57898ec44d65259720cb73e8
  branch: master
  specs:
    rom-sql (0.7.0.rc1)
      dry-equalizer (~> 0.2)
      rom (~> 1.0.0.rc1)
      sequel (~> 4.18)

GIT
  remote: https://github.com/rom-rb/rom-support
  revision: cddd39dfc06e9ed519c465abee594015e4f8dd75
  branch: master
  specs:
    rom-support (1.0.0.rc1)
      dry-equalizer (~> 0.2)
      transproc (~> 0.4.0)
      wisper (~> 1.6, >= 1.6.0)

GIT
  remote: https://github.com/solnic/rodakase
  revision: 65f733856c89c45f0bbb1157c3e342d467c5911c
  branch: master
  specs:
    rodakase (0.0.1)
      dry-auto_inject (~> 0.1)
      dry-configurable (~> 0.1)
      dry-container (~> 0.2)
      dry-equalizer (~> 0.2)
      inflecto (~> 0)
      roda (~> 2.7)
      tilt (~> 2.0)
      transflow (~> 0.3)

GIT
  remote: https://github.com/solnic/transproc
  revision: ef7cbef5d22fffd53beadf5c28abdb4975a02c45
  branch: master
  specs:
    transproc (0.4.0)

GEM
  remote: https://rubygems.org/
  specs:
    abstract_type (0.0.7)
    adamantium (0.2.0)
      ice_nine (~> 0.11.0)
      memoizable (~> 0.4.0)
    addressable (2.3.8)
    anima (0.3.0)
      abstract_type (~> 0.0.7)
      adamantium (~> 0.2)
      equalizer (~> 0.0.11)
    bcrypt (3.1.10)
    bcrypt-ruby (3.1.5)
      bcrypt (>= 3.1.3)
    byebug (5.0.0)
      columnize (= 0.9.0)
    capybara (2.5.0)
      mime-types (>= 1.16)
      nokogiri (>= 1.3.3)
      rack (>= 1.0.0)
      rack-test (>= 0.5.4)
      xpath (~> 2.0)
    capybara-screenshot (1.0.11)
      capybara (>= 1.0, < 3)
      launchy
    coderay (1.1.0)
    columnize (0.9.0)
    database_cleaner (1.5.1)
    deterministic (0.15.3)
    diff-lcs (1.2.5)
    dry-auto_inject (0.1.0)
    dry-configurable (0.1.2)
      thread_safe
    dry-container (0.2.7)
      dry-configurable (= 0.1.2)
      thread_safe
    dry-data (0.4.2)
      dry-configurable (~> 0.1)
      dry-container (~> 0.2)
      dry-equalizer (~> 0.2)
      inflecto (~> 0.0.0, >= 0.0.2)
      kleisli (~> 0.2)
      thread_safe (~> 0.3)
    dry-equalizer (0.2.0)
    dry-pipeline (0.0.1)
    dry-validation (0.4.1)
      dry-configurable (~> 0.1)
      dry-container (~> 0.2, >= 0.2.6)
      dry-data (~> 0.4, >= 0.4.2)
      dry-equalizer (~> 0.2)
    either_result_matcher (0.1.0)
      kleisli
    equalizer (0.0.11)
    ffi (1.9.10)
    formatador (0.2.5)
    guard (2.13.0)
      formatador (>= 0.2.4)
      listen (>= 2.7, <= 4.0)
      lumberjack (~> 1.0)
      nenv (~> 0.1)
      notiffany (~> 0.0)
      pry (>= 0.9.12)
      shellany (~> 0.0)
      thor (>= 0.18.1)
    guard-compat (1.2.1)
    guard-rspec (4.6.4)
      guard (~> 2.1)
      guard-compat (~> 1.1)
      rspec (>= 2.99.0, < 4.0)
    i18n (0.7.0)
    ice_nine (0.11.1)
    inflecto (0.0.2)
    kleisli (0.2.7)
    launchy (2.4.3)
      addressable (~> 2.3)
    listen (3.0.3)
      rb-fsevent (>= 0.9.3)
      rb-inotify (>= 0.9)
    lumberjack (1.0.9)
    memoizable (0.4.2)
      thread_safe (~> 0.3, >= 0.3.1)
    method_source (0.8.2)
    mime-types (2.6.2)
    mini_portile (0.6.2)
    nenv (0.2.0)
    nokogiri (1.6.6.2)
      mini_portile (~> 0.6.0)
    notiffany (0.0.8)
      nenv (~> 0.1)
      shellany (~> 0.0)
    pg (0.18.3)
    pry (0.10.3)
      coderay (~> 1.1.0)
      method_source (~> 0.8.1)
      slop (~> 3.4)
    pry-byebug (3.2.0)
      byebug (~> 5.0)
      pry (~> 0.10)
    puma (2.14.0)
    rack (1.6.4)
    rack-test (0.6.3)
      rack (>= 1.0)
    rb-fsevent (0.9.6)
    rb-inotify (0.9.5)
      ffi (>= 0.5.0)
    roda (2.9.0)
      rack
    rspec (3.3.0)
      rspec-core (~> 3.3.0)
      rspec-expectations (~> 3.3.0)
      rspec-mocks (~> 3.3.0)
    rspec-core (3.3.2)
      rspec-support (~> 3.3.0)
    rspec-expectations (3.3.1)
      diff-lcs (>= 1.2.0, < 2.0)
      rspec-support (~> 3.3.0)
    rspec-mocks (3.3.2)
      diff-lcs (>= 1.2.0, < 2.0)
      rspec-support (~> 3.3.0)
    rspec-support (3.3.0)
    sequel (4.29.0)
    shellany (0.0.1)
    shotgun (0.9.1)
      rack (>= 1.0)
    site_prism (2.8)
      addressable (>= 2.3.3, < 3.0)
      capybara (>= 2.1, < 3.0)
    slim (3.0.6)
      temple (~> 0.7.3)
      tilt (>= 1.3.3, < 2.1)
    slop (3.6.0)
    temple (0.7.6)
    thor (0.19.1)
    thread_safe (0.3.5)
    tilt (2.0.1)
    transflow (0.3.0)
      dry-pipeline
      kleisli
      wisper
    wisper (1.6.1)
    xpath (2.0.0)
      nokogiri (~> 1.3)

PLATFORMS
  ruby

DEPENDENCIES
  bcrypt-ruby
  call_sheet!
  capybara
  capybara-screenshot
  database_cleaner
  dry-component!
  dry-data
  dry-equalizer
  dry-validation
  either_result_matcher
  guard-rspec
  i18n
  inflecto
  pg
  pry-byebug
  puma
  rodakase!
  rom!
  rom-mapper!
  rom-repository!
  rom-sql!
  rom-support!
  rspec
  shotgun
  site_prism
  slim
  transproc!

BUNDLED WITH
   1.11.2
